GEM
  remote: https://rubygems.org/
  specs:
    crass (1.0.6)
    feedjira (3.2.0)
      loofah (>= 2.3.1)
      sax-machine (>= 1.0)
    loofah (2.10.0)
      crass (~> 1.0.2)
      nokogiri (>= 1.5.9)
    mini_portile2 (2.6.1)
    nokogiri (1.12.5)
      mini_portile2 (~> 2.6.1)
      racc (~> 1.4)
    racc (1.5.2)
    sax-machine (1.3.2)

PLATFORMS
  ruby

DEPENDENCIES
  feedjira

BUNDLED WITH
   2.1.4
